GEM
  remote: https://rubygems.org/
  specs:
    coderay (1.1.3)
    colorize (0.8.1)
    concurrent-ruby (1.1.6)
    dry-cli (0.6.0)
      concurrent-ruby (~> 1.0)
    method_source (0.9.2)
    pry (0.12.2)
      coderay (~> 1.1.0)
      method_source (~> 0.9.0)
    tabulo (2.6.0)
      tty-screen (= 0.7.1)
      unicode-display_width (= 1.7.0)
    tty-screen (0.7.1)
    unicode-display_width (1.7.0)

PLATFORMS
  ruby

DEPENDENCIES
  colorize
  dry-cli
  pry (~> 0.12.2)
  tabulo

BUNDLED WITH
   1.17.2
